GIT
  remote: git://github.com/jhaesus/bittrex.git
  revision: 32869d51cefd970452ab596ec57bf6606193c93a
  specs:
    bittrex (0.0.1)
      rest-client

GEM
  remote: https://rubygems.org/
  specs:
    activemodel (4.2.6)
      activesupport (= 4.2.6)
      builder (~> 3.1)
    activesupport (4.2.6)
      i18n (~> 0.7)
      json (~> 1.7, >= 1.7.7)
      minitest (~> 5.1)
      thread_safe (~> 0.3, >= 0.3.4)
      tzinfo (~> 1.1)
    addressable (2.4.0)
    builder (3.2.2)
    celluloid (0.17.3)
      celluloid-essentials
      celluloid-extras
      celluloid-fsm
      celluloid-pool
      celluloid-supervision
      timers (>= 4.1.1)
    celluloid-essentials (0.20.5)
      timers (>= 4.1.1)
    celluloid-extras (0.20.5)
      timers (>= 4.1.1)
    celluloid-fsm (0.20.5)
      timers (>= 4.1.1)
    celluloid-pool (0.20.5)
      timers (>= 4.1.1)
    celluloid-supervision (0.20.5)
      timers (>= 4.1.1)
    coderay (1.1.1)
    colored (1.2)
    concurrent-ruby (1.0.2)
    connection_pool (2.2.0)
    domain_name (0.5.20160310)
      unf (>= 0.0.5, < 1.0.0)
    faraday (0.9.2)
      multipart-post (>= 1.2, < 3)
    faraday_middleware (0.10.0)
      faraday (>= 0.7.4, < 0.10)
    faraday_middleware-multi_json (0.0.6)
      faraday_middleware
      multi_json
    hiredis (0.6.1)
    hitimes (1.2.4)
    honeybadger (2.6.0)
    http-cookie (1.0.2)
      domain_name (~> 0.5)
    httparty (0.13.7)
      json (~> 1.8)
      multi_xml (>= 0.5.2)
    httpclient (2.8.0)
    i18n (0.7.0)
    ice_cube (0.13.3)
    json (1.8.3)
    method_source (0.8.2)
    mime-types (2.99.1)
    minitest (5.9.0)
    multi_json (1.12.0)
    multi_xml (0.5.5)
    multipart-post (2.0.0)
    neo4j (7.0.11)
      activemodel (~> 4)
      activesupport (~> 4)
      neo4j-core (>= 6.0.0)
      orm_adapter (~> 0.5.0)
    neo4j-core (6.1.4)
      activesupport
      faraday (~> 0.9.0)
      faraday_middleware (~> 0.10.0)
      faraday_middleware-multi_json
      httparty
      httpclient
      json
      multi_json
      neo4j-rake_tasks (>= 0.3.0)
      net-http-persistent
    neo4j-rake_tasks (0.6.1)
      colored
      os
      rake
      ruby-progressbar
      rubyzip (>= 1.1.7)
    net-http-persistent (2.9.4)
    netrc (0.11.0)
    orm_adapter (0.5.0)
    os (0.9.6)
    pry (0.10.3)
      coderay (~> 1.1.0)
      method_source (~> 0.8.1)
      slop (~> 3.4)
    rack (1.6.4)
    rack-protection (1.5.3)
      rack
    rake (11.2.2)
    redis (3.3.0)
    redis-namespace (1.5.2)
      redis (~> 3.0, >= 3.0.4)
    rest-client (1.8.0)
      http-cookie (>= 1.0.2, < 2.0)
      mime-types (>= 1.16, < 3.0)
      netrc (~> 0.7)
    ruby-progressbar (1.8.1)
    rubyzip (1.2.0)
    sidekiq (4.1.2)
      concurrent-ruby (~> 1.0)
      connection_pool (~> 2.2, >= 2.2.0)
      redis (~> 3.2, >= 3.2.1)
    sidetiq (0.7.0)
      celluloid (>= 0.17.3)
      ice_cube (~> 0.13.2)
      sidekiq (>= 4.0.0)
    sinatra (1.4.7)
      rack (~> 1.5)
      rack-protection (~> 1.4)
      tilt (>= 1.3, < 3)
    slop (3.6.0)
    thread_safe (0.3.5)
    tilt (2.0.4)
    timers (4.1.1)
      hitimes
    tzinfo (1.2.2)
      thread_safe (~> 0.1)
    unf (0.1.4)
      unf_ext
    unf_ext (0.0.7.2)

PLATFORMS
  ruby

DEPENDENCIES
  activesupport (= 4.2.6)
  addressable
  bittrex!
  hiredis (= 0.6.1)
  honeybadger (= 2.6.0)
  neo4j (= 7.0.11)
  pry (= 0.10.3)
  redis (= 3.3.0)
  redis-namespace (= 1.5.2)
  sidekiq (= 4.1.2)
  sidetiq (= 0.7.0)
  sinatra

BUNDLED WITH
   1.12.3
